PATH
  remote: .
  specs:
    prmd (0.3.2)
      erubis (~> 2.7)

GEM
  remote: https://rubygems.org/
  specs:
    erubis (2.7.0)
    minitest (5.3.2)
    rake (10.2.2)

PLATFORMS
  ruby

DEPENDENCIES
  bundler (~> 1.3)
  minitest (~> 5.3)
  prmd!
  rake (~> 10.2)
